GEM
  remote: https://gems.contribsys.com/
  specs:
    sidekiq-pro (7.3.6)
      sidekiq (>= 7.3.7, < 8)

GEM
  remote: https://rubygems.org/
  specs:
    actioncable (7.1.5.1)
      actionpack (= 7.1.5.1)
      activesupport (= 7.1.5.1)
      nio4r (~> 2.0)
      websocket-driver (>= 0.6.1)
      zeitwerk (~> 2.6)
    actionmailbox (7.1.5.1)
      actionpack (= 7.1.5.1)
      activejob (= 7.1.5.1)
      activerecord (= 7.1.5.1)
      activestorage (= 7.1.5.1)
      activesupport (= 7.1.5.1)
      mail (>= 2.7.1)
      net-imap
      net-pop
      net-smtp
    actionmailer (7.1.5.1)
      actionpack (= 7.1.5.1)
      actionview (= 7.1.5.1)
      activejob (= 7.1.5.1)
      activesupport (= 7.1.5.1)
      mail (~> 2.5, >= 2.5.4)
      net-imap
      net-pop
      net-smtp
      rails-dom-testing (~> 2.2)
    actionpack (7.1.5.1)
      actionview (= 7.1.5.1)
      activesupport (= 7.1.5.1)
      nokogiri (>= 1.8.5)
      racc
      rack (>= 2.2.4)
      rack-session (>= 1.0.1)
      rack-test (>= 0.6.3)
      rails-dom-testing (~> 2.2)
      rails-html-sanitizer (~> 1.6)
    actiontext (7.1.5.1)
      actionpack (= 7.1.5.1)
      activerecord (= 7.1.5.1)
      activestorage (= 7.1.5.1)
      activesupport (= 7.1.5.1)
      globalid (>= 0.6.0)
      nokogiri (>= 1.8.5)
    actionview (7.1.5.1)
      activesupport (= 7.1.5.1)
      builder (~> 3.1)
      erubi (~> 1.11)
      rails-dom-testing (~> 2.2)
      rails-html-sanitizer (~> 1.6)
    activeadmin (3.3.0)
      arbre (~> 1.2, >= 1.2.1)
      csv
      formtastic (>= 3.1)
      formtastic_i18n (>= 0.4)
      inherited_resources (~> 1.7)
      jquery-rails (>= 4.2)
      kaminari (>= 1.2.1)
      railties (>= 6.1)
      ransack (>= 4.0)
    activejob (7.1.5.1)
      activesupport (= 7.1.5.1)
      globalid (>= 0.3.6)
    activemodel (7.1.5.1)
      activesupport (= 7.1.5.1)
    activemodel-serializers-xml (1.0.3)
      activemodel (>= 5.0.0.a)
      activesupport (>= 5.0.0.a)
      builder (~> 3.1)
    activerecord (7.1.5.1)
      activemodel (= 7.1.5.1)
      activesupport (= 7.1.5.1)
      timeout (>= 0.4.0)
    activestorage (7.1.5.1)
      actionpack (= 7.1.5.1)
      activejob (= 7.1.5.1)
      activerecord (= 7.1.5.1)
      activesupport (= 7.1.5.1)
      marcel (~> 1.0)
    activesupport (7.1.5.1)
      base64
      benchmark (>= 0.3)
      bigdecimal
      concurrent-ruby (~> 1.0, >= 1.0.2)
      connection_pool (>= 2.2.5)
      drb
      i18n (>= 1.6, < 2)
      logger (>= 1.4.2)
      minitest (>= 5.1)
      mutex_m
      securerandom (>= 0.3)
      tzinfo (~> 2.0)
    acts_as_list (1.2.4)
      activerecord (>= 6.1)
      activesupport (>= 6.1)
    addressable (2.8.7)
      public_suffix (>= 2.0.2, < 7.0)
    amazing_print (1.7.2)
    ansi (1.5.0)
    arbre (1.7.0)
      activesupport (>= 3.0.0)
      ruby2_keywords (>= 0.0.2)
    ast (2.4.3)
    autoprefixer-rails (10.4.21.0)
      execjs (~> 2)
    awesome_print (1.9.2)
    axlsx (3.0.0.pre)
      htmlentities (~> 4.3, >= 4.3.4)
      mimemagic (~> 0.3)
      nokogiri (~> 1.8, >= 1.8.2)
      rubyzip (~> 1.2, >= 1.2.1)
    base64 (0.2.0)
    benchmark (0.4.0)
    better_errors (2.10.1)
      erubi (>= 1.0.0)
      rack (>= 0.9.0)
      rouge (>= 1.0.0)
    bigdecimal (2.0.3)
    binding_of_caller (1.0.1)
      debug_inspector (>= 1.2.0)
    builder (3.3.0)
    bundler-audit (0.9.2)
      bundler (>= 1.2.0, < 3)
      thor (~> 1.0)
    byebug (11.1.3)
    capybara (3.40.0)
      addressable
      matrix
      mini_mime (>= 0.1.3)
      nokogiri (~> 1.11)
      rack (>= 1.6.0)
      rack-test (>= 0.6.3)
      regexp_parser (>= 1.5, < 3.0)
      xpath (~> 3.2)
    capybara-screenshot (1.0.26)
      capybara (>= 1.0, < 4)
      launchy
    chosen-rails (1.10.0)
      coffee-rails (>= 3.2)
      railties (>= 3.0)
      sassc-rails (>= 2.1.2)
    ckeditor_rails (4.17.0)
      railties (>= 3.0)
    coderay (1.1.3)
    coffee-rails (5.0.0)
      coffee-script (>= 2.2.0)
      railties (>= 5.2.0)
    coffee-script (2.4.1)
      coffee-script-source
      execjs
    coffee-script-source (1.12.2)
    coffeelint (1.16.1)
      coffee-script
      execjs
      json
    concurrent-ruby (1.3.5)
    connection_pool (2.5.1)
    countries (4.2.3)
      i18n_data (~> 0.16.0)
      sixarm_ruby_unaccent (~> 1.1)
    crack (1.0.0)
      bigdecimal
      rexml
    crass (1.0.6)
    csv (3.3.4)
    database_cleaner (2.1.0)
      database_cleaner-active_record (>= 2, < 3)
    database_cleaner-active_record (2.2.0)
      activerecord (>= 5.a)
      database_cleaner-core (~> 2.0.0)
    database_cleaner-core (2.0.1)
    datadog-ci (0.8.3)
      msgpack
    date (3.4.1)
    ddtrace (1.23.3)
      datadog-ci (~> 0.8.1)
      debase-ruby_core_source (= 3.3.1)
      libdatadog (~> 7.0.0.1.0)
      libddwaf (~> 1.14.0.0.0)
      msgpack
    debase-ruby_core_source (3.3.1)
    debug_inspector (1.2.0)
    docile (1.4.1)
    docusign_rest (0.4.4)
      json
      multipart-post (>= 1.2)
    dogstatsd-ruby (5.6.6)
    domain_name (0.6.20240107)
    dotenv (2.8.1)
    dotenv-rails (2.8.1)
      dotenv (= 2.8.1)
      railties (>= 3.2)
    drb (2.2.1)
    dry-configurable (1.3.0)
      dry-core (~> 1.1)
      zeitwerk (~> 2.6)
    dry-core (1.1.0)
      concurrent-ruby (~> 1.0)
      logger
      zeitwerk (~> 2.6)
    dry-inflector (1.2.0)
    dry-initializer (3.2.0)
    dry-logic (1.6.0)
      bigdecimal
      concurrent-ruby (~> 1.0)
      dry-core (~> 1.1)
      zeitwerk (~> 2.6)
    dry-schema (1.13.4)
      concurrent-ruby (~> 1.0)
      dry-configurable (~> 1.0, >= 1.0.1)
      dry-core (~> 1.0, < 2)
      dry-initializer (~> 3.0)
      dry-logic (>= 1.4, < 2)
      dry-types (>= 1.7, < 2)
      zeitwerk (~> 2.6)
    dry-types (1.7.1)
      concurrent-ruby (~> 1.0)
      dry-core (~> 1.0)
      dry-inflector (~> 1.0)
      dry-logic (~> 1.4)
      zeitwerk (~> 2.6)
    erubi (1.13.1)
    et-orbi (1.2.11)
      tzinfo
    execjs (2.10.0)
    factory_bot (6.5.1)
      activesupport (>= 6.1.0)
    factory_bot_rails (6.4.4)
      factory_bot (~> 6.5)
      railties (>= 5.0.0)
    faker (3.5.1)
      i18n (>= 1.8.11, < 2)
    ffi (1.17.2-aarch64-linux-gnu)
    ffi (1.17.2-x86_64-linux-gnu)
    formatador (1.1.0)
    formtastic (4.0.0)
      actionpack (>= 5.2.0)
    formtastic_i18n (0.7.0)
    fugit (1.11.1)
      et-orbi (~> 1, >= 1.2.11)
      raabro (~> 1.4)
    globalid (1.2.1)
      activesupport (>= 6.1)
    good_migrations (0.2.1)
      activerecord (>= 3.1)
      railties (>= 3.1)
    guard (2.19.1)
      formatador (>= 0.2.4)
      listen (>= 2.7, < 4.0)
      logger (~> 1.6)
      lumberjack (>= 1.0.12, < 2.0)
      nenv (~> 0.1)
      notiffany (~> 0.0)
      ostruct (~> 0.6)
      pry (>= 0.13.0)
      shellany (~> 0.0)
      thor (>= 0.18.1)
    guard-compat (1.2.1)
    guard-minitest (2.4.6)
      guard-compat (~> 1.2)
      minitest (>= 3.0)
    has_scope (0.8.2)
      actionpack (>= 5.2)
      activesupport (>= 5.2)
    hashdiff (1.1.2)
    htmlentities (4.3.4)
    http-accept (1.7.0)
    http-cookie (1.0.8)
      domain_name (~> 0.5)
    i18n (1.14.7)
      concurrent-ruby (~> 1.0)
    i18n_data (0.16.0)
      simple_po_parser (~> 1.1)
    inherited_resources (1.14.0)
      actionpack (>= 6.0)
      has_scope (>= 0.6)
      railties (>= 6.0)
      responders (>= 2)
    intl-tel-input-rails (8.4.9)
      railties (>= 3.1)
      sass-rails
    io-console (0.8.0)
    irb (1.15.2)
      pp (>= 0.6.0)
      rdoc (>= 4.0.0)
      reline (>= 0.4.2)
    jquery-rails (4.6.0)
      rails-dom-testing (>= 1, < 3)
      railties (>= 4.2.0)
      thor (>= 0.14, < 2.0)
    jquery-ui-rails (7.0.0)
      railties (>= 3.2.16)
    json (2.10.2)
    kaminari (1.2.2)
      activesupport (>= 4.1.0)
      kaminari-actionview (= 1.2.2)
      kaminari-activerecord (= 1.2.2)
      kaminari-core (= 1.2.2)
    kaminari-actionview (1.2.2)
      actionview
      kaminari-core (= 1.2.2)
    kaminari-activerecord (1.2.2)
      activerecord
      kaminari-core (= 1.2.2)
    kaminari-core (1.2.2)
    language_server-protocol (3.17.0.4)
    launchy (2.5.2)
      addressable (~> 2.8)
    letter_opener (1.7.0)
      launchy (~> 2.2)
    libdatadog (7.0.0.1.0-aarch64-linux)
    libdatadog (7.0.0.1.0-x86_64-linux)
    libddwaf (1.14.0.0.0-aarch64-linux)
      ffi (~> 1.0)
    libddwaf (1.14.0.0.0-x86_64-linux)
      ffi (~> 1.0)
    lint_roller (1.1.0)
    listen (3.9.0)
      rb-fsevent (~> 0.10, >= 0.10.3)
      rb-inotify (~> 0.9, >= 0.9.10)
    logger (1.7.0)
    lograge (0.12.0)
      actionpack (>= 4)
      activesupport (>= 4)
      railties (>= 4)
      request_store (~> 1.0)
    loofah (2.24.0)
      crass (~> 1.0.2)
      nokogiri (>= 1.12.0)
    lumberjack (1.2.10)
    m (1.5.1)
      method_source (>= 0.6.7)
      rake (>= 0.9.2.2)
    mail (2.8.1)
      mini_mime (>= 0.1.1)
      net-imap
      net-pop
      net-smtp
    marcel (1.0.4)
    matrix (0.4.2)
    method_source (1.1.0)
    mime-types (3.6.2)
      logger
      mime-types-data (~> 3.2015)
    mime-types-data (3.2025.0415)
    mimemagic (0.4.3)
      nokogiri (~> 1)
      rake
    mini_mime (1.1.5)
    minitest (5.25.5)
    minitest-around (0.5.0)
      minitest (~> 5.0)
    minitest-reporters (1.7.1)
      ansi
      builder
      minitest (>= 5.0)
      ruby-progressbar
    mocha (2.7.1)
      ruby2_keywords (>= 0.0.5)
    monetize (1.13.0)
      money (~> 6.12)
    money (6.19.0)
      i18n (>= 0.6.4, <= 2)
    money-rails (1.15.0)
      activesupport (>= 3.0)
      monetize (~> 1.9)
      money (~> 6.13)
      railties (>= 3.0)
    msgpack (1.8.0)
    multipart-post (2.4.1)
    mutex_m (0.3.0)
    nenv (0.3.0)
    net-http (0.6.0)
      uri
    net-imap (0.5.8)
      date
      net-protocol
    net-pop (0.1.2)
      net-protocol
    net-protocol (0.2.2)
      timeout
    net-smtp (0.5.1)
      net-protocol
    netrc (0.11.0)
    nio4r (2.7.4)
    nokogiri (1.18.8-aarch64-linux-gnu)
      racc (~> 1.4)
    nokogiri (1.18.8-x86_64-linux-gnu)
      racc (~> 1.4)
    notiffany (0.1.3)
      nenv (~> 0.1)
      shellany (~> 0.0)
    oj (3.16.1)
    ostruct (0.6.1)
    ougai (1.9.1)
      oj (~> 3.10)
    paper_trail (16.0.0)
      activerecord (>= 6.1)
      request_store (~> 1.4)
    parallel (1.27.0)
    parser (3.3.8.0)
      ast (~> 2.4.1)
      racc
    pdf-core (0.9.0)
    pg (1.5.9)
    phone (1.2.3)
    pp (0.6.2)
      prettyprint
    prawn (2.4.0)
      pdf-core (~> 0.9.0)
      ttfunk (~> 1.7)
    prawn-table (0.2.2)
      prawn (>= 1.3.0, < 3.0.0)
    prettyprint (0.2.0)
    prism (1.4.0)
    pry (0.13.1)
      coderay (~> 1.1)
      method_source (~> 1.0)
    pry-byebug (3.9.0)
      byebug (~> 11.0)
      pry (~> 0.13.0)
    pry-rails (0.3.11)
      pry (>= 0.13.0)
    public_suffix (6.0.1)
    puma (6.6.0)
      nio4r (~> 2.0)
    pundit (2.3.2)
      activesupport (>= 3.0.0)
    raabro (1.4.0)
    racc (1.8.1)
    rack (3.1.13)
    rack-cas (0.16.1)
      addressable (~> 2.3)
      nokogiri (~> 1.5)
      rack (>= 1.3)
    rack-session (2.1.0)
      base64 (>= 0.1.0)
      rack (>= 3.0.0)
    rack-test (2.2.0)
      rack (>= 1.3)
    rack_session_access (0.2.0)
      builder (>= 2.0.0)
      rack (>= 1.0.0)
    rackup (2.2.1)
      rack (>= 3)
    rails (7.1.5.1)
      actioncable (= 7.1.5.1)
      actionmailbox (= 7.1.5.1)
      actionmailer (= 7.1.5.1)
      actionpack (= 7.1.5.1)
      actiontext (= 7.1.5.1)
      actionview (= 7.1.5.1)
      activejob (= 7.1.5.1)
      activemodel (= 7.1.5.1)
      activerecord (= 7.1.5.1)
      activestorage (= 7.1.5.1)
      activesupport (= 7.1.5.1)
      bundler (>= 1.15.0)
      railties (= 7.1.5.1)
    rails-controller-testing (1.0.5)
      actionpack (>= 5.0.1.rc1)
      actionview (>= 5.0.1.rc1)
      activesupport (>= 5.0.1.rc1)
    rails-dom-testing (2.2.0)
      activesupport (>= 5.0.0)
      minitest
      nokogiri (>= 1.6)
    rails-html-sanitizer (1.6.2)
      loofah (~> 2.21)
      nokogiri (>= 1.15.7, != 1.16.7, != 1.16.6, != 1.16.5, != 1.16.4, != 1.16.3, != 1.16.2, != 1.16.1, != 1.16.0.rc1, != 1.16.0)
    railties (7.1.5.1)
      actionpack (= 7.1.5.1)
      activesupport (= 7.1.5.1)
      irb
      rackup (>= 1.0.0)
      rake (>= 12.2)
      thor (~> 1.0, >= 1.2.2)
      zeitwerk (~> 2.6)
    rainbow (3.1.1)
    rake (13.2.1)
    ransack (4.3.0)
      activerecord (>= 6.1.5)
      activesupport (>= 6.1.5)
      i18n
    rb-fsevent (0.11.2)
    rb-inotify (0.11.1)
      ffi (~> 1.0)
    rdoc (6.3.4.1)
    redis (5.4.0)
      redis-client (>= 0.22.0)
    redis-actionpack (5.5.0)
      actionpack (>= 5)
      redis-rack (>= 2.1.0, < 4)
      redis-store (>= 1.1.0, < 2)
    redis-activesupport (5.3.0)
      activesupport (>= 3, < 8)
      redis-store (>= 1.3, < 2)
    redis-client (0.24.0)
      connection_pool
    redis-objects (1.7.0)
      redis
    redis-rack (3.0.0)
      rack-session (>= 0.2.0)
      redis-store (>= 1.2, < 2)
    redis-rails (5.0.2)
      redis-actionpack (>= 5.0, < 6)
      redis-activesupport (>= 5.0, < 6)
      redis-store (>= 1.2, < 2)
    redis-store (1.11.0)
      redis (>= 4, < 6)
    reek (6.5.0)
      dry-schema (~> 1.13)
      logger (~> 1.6)
      parser (~> 3.3.0)
      rainbow (>= 2.0, < 4.0)
      rexml (~> 3.1)
    regexp_parser (2.10.0)
    reline (0.6.1)
      io-console (~> 0.5)
    request_store (1.7.0)
      rack (>= 1.4)
    responders (3.1.1)
      actionpack (>= 5.2)
      railties (>= 5.2)
    rest-client (2.1.0)
      http-accept (>= 1.7.0, < 2.0)
      http-cookie (>= 1.0.2, < 2.0)
      mime-types (>= 1.16, < 4.0)
      netrc (~> 0.8)
    rexml (3.4.1)
    rollbar (3.6.2)
    roo (2.10.1)
      nokogiri (~> 1)
      rubyzip (>= 1.3.0, < 3.0.0)
    rouge (4.5.1)
    rubocop (1.75.4)
      json (~> 2.3)
      language_server-protocol (~> 3.17.0.2)
      lint_roller (~> 1.1.0)
      parallel (~> 1.10)
      parser (>= 3.3.0.2)
      rainbow (>= 2.2.2, < 4.0)
      regexp_parser (>= 2.9.3, < 3.0)
      rubocop-ast (>= 1.44.0, < 2.0)
      ruby-progressbar (~> 1.7)
      unicode-display_width (>= 2.4.0, < 4.0)
    rubocop-ast (1.44.1)
      parser (>= 3.3.7.2)
      prism (~> 1.4)
    rubocop-rails (2.31.0)
      activesupport (>= 4.2.0)
      lint_roller (~> 1.1)
      rack (>= 1.1)
      rubocop (>= 1.75.0, < 2.0)
      rubocop-ast (>= 1.38.0, < 2.0)
    ruby-progressbar (1.13.0)
    ruby-saml (1.18.0)
      nokogiri (>= 1.13.10)
      rexml
    ruby2_keywords (0.0.5)
    rubyzip (1.3.0)
    sass-rails (6.0.0)
      sassc-rails (~> 2.1, >= 2.1.1)
    sassc (2.4.0)
      ffi (~> 1.9)
    sassc-rails (2.1.2)
      railties (>= 4.0.0)
      sassc (>= 2.0)
      sprockets (> 3.0)
      sprockets-rails
      tilt
    securerandom (0.4.1)
    selenium-webdriver (4.31.0)
      base64 (~> 0.2)
      logger (~> 1.4)
      rexml (~> 3.2, >= 3.2.5)
      rubyzip (>= 1.2.2, < 3.0)
      websocket (~> 1.0)
    shellany (0.0.1)
    sidekiq (7.3.9)
      base64
      connection_pool (>= 2.3.0)
      logger
      rack (>= 2.2.4)
      redis-client (>= 0.22.2)
    sidekiq-cron (1.12.0)
      fugit (~> 1.8)
      globalid (>= 1.0.1)
      sidekiq (>= 6)
    sidekiq-failures (1.0.4)
      sidekiq (>= 4.0.0)
    simple_po_parser (1.1.6)
    simplecov (0.22.0)
      docile (~> 1.1)
      simplecov-html (~> 0.11)
      simplecov_json_formatter (~> 0.1)
    simplecov-html (0.13.1)
    simplecov_json_formatter (0.1.4)
    sixarm_ruby_unaccent (1.2.2)
    spring (4.3.0)
    sprockets (4.2.1)
      concurrent-ruby (~> 1.0)
      rack (>= 2.2.4, < 4)
    sprockets-rails (3.5.2)
      actionpack (>= 6.1)
      activesupport (>= 6.1)
      sprockets (>= 3.0.0)
    syslog-logger (1.6.8)
    thor (1.3.2)
    tilt (2.6.0)
    timeout (0.4.3)
    truncate_html (0.9.3)
    ttfunk (1.7.0)
    turbolinks (5.2.1)
      turbolinks-source (~> 5.2)
    turbolinks-source (5.2.0)
    tzinfo (2.0.6)
      concurrent-ruby (~> 1.0)
    uglifier (4.2.1)
      execjs (>= 0.3.0, < 3)
    unicode-display_width (3.1.4)
      unicode-emoji (~> 4.0, >= 4.0.4)
    unicode-emoji (4.0.4)
    uri (1.0.3)
    vcr (6.3.1)
      base64
    webmock (3.25.1)
      addressable (>= 2.8.0)
      crack (>= 0.3.2)
      hashdiff (>= 0.4.0, < 2.0.0)
    websocket (1.2.11)
    websocket-driver (0.7.7)
      base64
      websocket-extensions (>= 0.1.0)
    websocket-extensions (0.1.5)
    xpath (3.2.0)
      nokogiri (~> 1.8)
    yard (0.9.37)
    zeitwerk (2.6.18)

PLATFORMS
  aarch64-linux
  x86_64-linux

DEPENDENCIES
  activeadmin (~> 3.0)
  activemodel-serializers-xml
  acts_as_list (~> 1.0)
  amazing_print
  arbre
  autoprefixer-rails (~> 10.0)
  awesome_print
  axlsx (~> 3.0.0.pre)
  better_errors
  bigdecimal (< 3)
  binding_of_caller
  bundler-audit (~> 0.5)
  capybara
  capybara-screenshot
  chosen-rails (~> 1.10.0)
  ckeditor_rails (~> 4.6)
  coffeelint (~> 1.16)
  countries (~> 4.0)
  database_cleaner (~> 2.0)
  ddtrace (~> 1.4)
  docusign_rest (~> 0.4.4)
  dogstatsd-ruby
  dotenv-rails (~> 2.8.0)
  factory_bot_rails
  faker (~> 3.2)
  formtastic (~> 4.0)
  good_migrations (~> 0.2.1)
  guard (~> 2.14)
  guard-minitest (~> 2.4)
  intl-tel-input-rails (~> 8.4.9)
  jquery-rails (~> 4.5)
  jquery-ui-rails (>= 7.0.0)
  letter_opener (~> 1.7.0)
  lograge (~> 0.12.0)
  m (~> 1.5.0)
  minitest
  minitest-around (~> 0.5)
  minitest-reporters (~> 1.1)
  mocha (>= 1.13.0)
  money-rails (~> 1.15)
  net-http
  net-imap (>= 0.5.7)
  nokogiri (>= 1.18.8)
  oj (>= 2.18)
  ougai (~> 1.7)
  paper_trail (~> 16.0)
  pg (~> 1.5.0)
  phone (~> 1.2.3)
  prawn (~> 2.2)
  prawn-table (~> 0.2)
  pry-byebug (~> 3.9.0)
  pry-rails (~> 0.3.5)
  puma (~> 6.0)
  pundit (~> 2.3.0)
  rack-cas (~> 0.16.0)
  rack_session_access (~> 0.2.0)
  rails (~> 7.1.3)
  rails-controller-testing
  redis-objects (~> 1.7)
  redis-rails (~> 5.0)
  reek (~> 6.5)
  rest-client (~> 2.1.0)
  rollbar (~> 3.0)
  roo (~> 2.7)
  rubocop (~> 1.75, >= 1.75.4)
  rubocop-rails
  ruby-saml (~> 1.18.0)
  sassc-rails (~> 2.1)
  selenium-webdriver (~> 4.4)
  sidekiq-cron (~> 1.1)
  sidekiq-failures
  sidekiq-pro (~> 7.3.6)!
  simplecov (~> 0.21)
  spring (~> 4.1)
  syslog-logger (~> 1.6.8)
  truncate_html (~> 0.9.3)
  turbolinks (~> 5.2)
  uglifier (>= 4.2)
  vcr
  webmock
  yard (~> 0.9.5)

BUNDLED WITH
   2.6.8
