GEM
  remote: https://rubygems.org/
  remote: https://gems.contribsys.com/
  specs:
    actionmailer (4.2.11.3)
      actionpack (= 4.2.11.3)
      actionview (= 4.2.11.3)
      activejob (= 4.2.11.3)
      mail (~> 2.5, >= 2.5.4)
      rails-dom-testing (~> 1.0, >= 1.0.5)
    actionpack (4.2.11.3)
      actionview (= 4.2.11.3)
      activesupport (= 4.2.11.3)
      rack (~> 1.6)
      rack-test (~> 0.6.2)
      rails-dom-testing (~> 1.0, >= 1.0.5)
      rails-html-sanitizer (~> 1.0, >= 1.0.2)
    actionview (4.2.11.3)
      activesupport (= 4.2.11.3)
      builder (~> 3.1)
      erubis (~> 2.7.0)
      rails-dom-testing (~> 1.0, >= 1.0.5)
      rails-html-sanitizer (~> 1.0, >= 1.0.3)
    activeadmin (1.0.0)
      arbre (>= 1.1.1)
      bourbon
      coffee-rails
      formtastic (~> 3.1)
      formtastic_i18n
      inherited_resources (~> 1.7)
      jquery-rails
      jquery-ui-rails
      kaminari (>= 0.15, < 2.0)
      railties (>= 4.2, < 5.2)
      ransack (~> 1.3)
      sass-rails
      sprockets (< 4.1)
    activejob (4.2.11.3)
      activesupport (= 4.2.11.3)
      globalid (>= 0.3.0)
    activemodel (4.2.11.3)
      activesupport (= 4.2.11.3)
      builder (~> 3.1)
    activerecord (4.2.11.3)
      activemodel (= 4.2.11.3)
      activesupport (= 4.2.11.3)
      arel (~> 6.0)
    activesupport (4.2.11.3)
      i18n (~> 0.7)
      minitest (~> 5.1)
      thread_safe (~> 0.3, >= 0.3.4)
      tzinfo (~> 1.1)
    acts_as_list (0.9.19)
      activerecord (>= 3.0)
    addressable (2.8.0)
      public_suffix (>= 2.0.2, < 5.0)
    amazing_print (1.4.0)
    ansi (1.5.0)
    arbre (1.4.0)
      activesupport (>= 3.0.0, < 6.2)
      ruby2_keywords (>= 0.0.2, < 1.0)
    arel (6.0.4)
    ast (2.4.2)
    awesome_print (1.9.2)
    axlsx (3.0.0.pre)
      htmlentities (~> 4.3, >= 4.3.4)
      mimemagic (~> 0.3)
      nokogiri (~> 1.8, >= 1.8.2)
      rubyzip (~> 1.2, >= 1.2.1)
    better_errors (2.9.1)
      coderay (>= 1.0.0)
      erubi (>= 1.0.0)
      rack (>= 0.9.0)
    binding_of_caller (1.0.0)
      debug_inspector (>= 0.0.1)
    bourbon (7.2.0)
      thor (~> 1.0)
    brpoplpush-redis_script (0.1.2)
      concurrent-ruby (~> 1.0, >= 1.0.5)
      redis (>= 1.0, <= 5.0)
    builder (3.2.4)
    bundler-audit (0.9.0.1)
      bundler (>= 1.2.0, < 3)
      thor (~> 1.0)
    byebug (10.0.2)
    capybara (2.18.0)
      addressable
      mini_mime (>= 0.1.3)
      nokogiri (>= 1.3.3)
      rack (>= 1.0.0)
      rack-test (>= 0.5.4)
      xpath (>= 2.0, < 4.0)
    capybara-screenshot (1.0.26)
      capybara (>= 1.0, < 4)
      launchy
    childprocess (3.0.0)
    chosen-rails (1.5.2)
      coffee-rails (>= 3.2)
      railties (>= 3.0)
      sass-rails (>= 3.2)
    chunky_png (1.4.0)
    ckeditor_rails (4.16.3)
      railties (>= 3.0)
    codeclimate-engine-rb (0.4.2)
    coderay (1.1.3)
    coffee-rails (4.1.1)
      coffee-script (>= 2.2.0)
      railties (>= 4.0.0, < 5.1.x)
    coffee-script (2.4.1)
      coffee-script-source
      execjs
    coffee-script-source (1.12.2)
    coffeelint (1.16.1)
      coffee-script
      execjs
      json
    compass (1.0.3)
      chunky_png (~> 1.2)
      compass-core (~> 1.0.2)
      compass-import-once (~> 1.0.5)
      rb-fsevent (>= 0.9.3)
      rb-inotify (>= 0.9)
      sass (>= 3.3.13, < 3.5)
    compass-core (1.0.3)
      multi_json (~> 1.0)
      sass (>= 3.3.0, < 3.5)
    compass-import-once (1.0.5)
      sass (>= 3.2, < 3.5)
    compass-rails (3.1.0)
      compass (~> 1.0.0)
      sass-rails (< 5.1)
      sprockets (< 4.0)
    concurrent-ruby (1.1.10)
    connection_pool (2.2.5)
    countries (1.2.5)
      currencies (~> 0.4.2)
      i18n_data (~> 0.7.0)
    crack (0.4.5)
      rexml
    crass (1.0.6)
    currencies (0.4.2)
    database_cleaner (1.99.0)
    ddtrace (0.54.2)
      debase-ruby_core_source (<= 0.10.14)
      msgpack
    debase-ruby_core_source (0.10.14)
    debug_inspector (1.1.0)
    docile (1.4.0)
    docusign_rest (0.4.4)
      json
      multipart-post (>= 1.2)
    dogstatsd-ruby (5.4.0)
    domain_name (0.5.20190701)
      unf (>= 0.0.5, < 1.0.0)
    dotenv (2.5.0)
    dotenv-rails (2.5.0)
      dotenv (= 2.5.0)
      railties (>= 3.2, < 6.0)
    erubi (1.10.0)
    erubis (2.7.0)
    et-orbi (1.2.7)
      tzinfo
    execjs (2.8.1)
    factory_girl (4.9.0)
      activesupport (>= 3.0.0)
    faker (1.9.6)
      i18n (>= 0.7)
    ffi (1.15.5)
    formatador (1.1.0)
    formtastic (3.1.5)
      actionpack (>= 3.2.13)
    formtastic_i18n (0.7.0)
    fugit (1.5.3)
      et-orbi (~> 1, >= 1.2.7)
      raabro (~> 1.4)
    globalid (0.4.2)
      activesupport (>= 4.2.0)
    good_migrations (0.0.2)
      activerecord (>= 3.1)
      railties (>= 3.1)
    guard (2.18.0)
      formatador (>= 0.2.4)
      listen (>= 2.7, < 4.0)
      lumberjack (>= 1.0.12, < 2.0)
      nenv (~> 0.1)
      notiffany (~> 0.0)
      pry (>= 0.13.0)
      shellany (~> 0.0)
      thor (>= 0.18.1)
    guard-compat (1.2.1)
    guard-minitest (2.4.6)
      guard-compat (~> 1.2)
      minitest (>= 3.0)
    has_scope (0.7.2)
      actionpack (>= 4.1)
      activesupport (>= 4.1)
    hashdiff (1.0.1)
    htmlentities (4.3.4)
    http-cookie (1.0.4)
      domain_name (~> 0.5)
    i18n (0.9.5)
      concurrent-ruby (~> 1.0)
    i18n_data (0.7.0)
    inherited_resources (1.9.0)
      actionpack (>= 4.2, < 5.3)
      has_scope (~> 0.6)
      railties (>= 4.2, < 5.3)
      responders
    intl-tel-input-rails (8.4.9)
      railties (>= 3.1)
      sass-rails
    jquery-rails (4.4.0)
      rails-dom-testing (>= 1, < 3)
      railties (>= 4.2.0)
      thor (>= 0.14, < 2.0)
    jquery-ui-rails (5.0.5)
      railties (>= 3.2.16)
    json (2.6.1)
    kaminari (1.2.2)
      activesupport (>= 4.1.0)
      kaminari-actionview (= 1.2.2)
      kaminari-activerecord (= 1.2.2)
      kaminari-core (= 1.2.2)
    kaminari-actionview (1.2.2)
      actionview
      kaminari-core (= 1.2.2)
    kaminari-activerecord (1.2.2)
      activerecord
      kaminari-core (= 1.2.2)
    kaminari-core (1.2.2)
    kwalify (0.7.2)
    launchy (2.5.0)
      addressable (~> 2.7)
    letter_opener (1.7.0)
      launchy (~> 2.2)
    listen (3.7.1)
      rb-fsevent (~> 0.10, >= 0.10.3)
      rb-inotify (~> 0.9, >= 0.9.10)
    lograge (0.12.0)
      actionpack (>= 4)
      activesupport (>= 4)
      railties (>= 4)
      request_store (~> 1.0)
    loofah (2.18.0)
      crass (~> 1.0.2)
      nokogiri (>= 1.5.9)
    lumberjack (1.2.8)
    m (1.5.1)
      method_source (>= 0.6.7)
      rake (>= 0.9.2.2)
    mail (2.7.1)
      mini_mime (>= 0.1.1)
    metaclass (0.0.4)
    method_source (1.0.0)
    mime-types (3.4.1)
      mime-types-data (~> 3.2015)
    mime-types-data (3.2022.0105)
    mimemagic (0.4.3)
      nokogiri (~> 1)
      rake
    mini_mime (1.1.2)
    mini_portile2 (2.4.0)
    minitest (5.10.3)
    minitest-around (0.5.0)
      minitest (~> 5.0)
    minitest-capybara (0.9.0)
      capybara
      minitest (~> 5.0)
      rake
    minitest-metadata (0.6.0)
      minitest (>= 4.7, < 6.0)
    minitest-rails (2.2.1)
      minitest (~> 5.7)
      railties (~> 4.1)
    minitest-rails-capybara (2.1.2)
      capybara (~> 2.7)
      minitest-capybara (~> 0.8)
      minitest-metadata (~> 0.6)
      minitest-rails (~> 2.1)
    minitest-reporters (1.5.0)
      ansi
      builder
      minitest (>= 5.0)
      ruby-progressbar
    mocha (1.7.0)
      metaclass (~> 0.0.1)
    monetize (1.12.0)
      money (~> 6.12)
    money (6.16.0)
      i18n (>= 0.6.4, <= 2)
    money-rails (1.15.0)
      activesupport (>= 3.0)
      monetize (~> 1.9)
      money (~> 6.13)
      railties (>= 3.0)
    msgpack (1.4.5)
    multi_json (1.15.0)
    multipart-post (2.1.1)
    nenv (0.3.0)
    netrc (0.11.0)
    newrelic_rpm (4.8.0.341)
    nokogiri (1.10.10)
      mini_portile2 (~> 2.4.0)
    notiffany (0.1.3)
      nenv (~> 0.1)
      shellany (~> 0.0)
    oj (3.13.11)
    ougai (1.9.1)
      oj (~> 3.10)
    paper_trail (5.2.3)
      activerecord (>= 3.0, < 6.0)
      request_store (~> 1.1)
    parallel (1.22.1)
    parser (2.7.2.0)
      ast (~> 2.4.1)
    pdf-core (0.9.0)
    pg (0.19.0)
    phone (1.2.3)
    polyamorous (1.3.0)
      activerecord (>= 3.0)
    prawn (2.4.0)
      pdf-core (~> 0.9.0)
      ttfunk (~> 1.7)
    prawn-table (0.2.2)
      prawn (>= 1.3.0, < 3.0.0)
    pry (0.14.1)
      coderay (~> 1.1)
      method_source (~> 1.0)
    pry-byebug (3.6.0)
      byebug (~> 10.0)
      pry (~> 0.10)
    pry-rails (0.3.9)
      pry (>= 0.10.4)
    psych (3.1.0)
    public_suffix (4.0.6)
    puma (3.12.6)
    pundit (1.1.0)
      activesupport (>= 3.0.0)
    raabro (1.4.0)
    rack (1.6.13)
    rack-cas (0.15.0)
      addressable (~> 2.3)
      nokogiri (~> 1.5)
      rack (>= 1.3)
    rack-protection (2.2.0)
      rack
    rack-test (0.6.3)
      rack (>= 1.0)
    rack_session_access (0.2.0)
      builder (>= 2.0.0)
      rack (>= 1.0.0)
    rails (4.2.11.3)
      actionmailer (= 4.2.11.3)
      actionpack (= 4.2.11.3)
      actionview (= 4.2.11.3)
      activejob (= 4.2.11.3)
      activemodel (= 4.2.11.3)
      activerecord (= 4.2.11.3)
      activesupport (= 4.2.11.3)
      bundler (>= 1.3.0, < 2.0)
      railties (= 4.2.11.3)
      sprockets-rails
    rails-deprecated_sanitizer (1.0.4)
      activesupport (>= 4.2.0.alpha)
    rails-dom-testing (1.0.9)
      activesupport (>= 4.2.0, < 5.0)
      nokogiri (~> 1.6)
      rails-deprecated_sanitizer (>= 1.0.1)
    rails-html-sanitizer (1.4.3)
      loofah (~> 2.3)
    railties (4.2.11.3)
      actionpack (= 4.2.11.3)
      activesupport (= 4.2.11.3)
      rake (>= 0.8.7)
      thor (>= 0.18.1, < 2.0)
    rainbow (3.1.1)
    rake (13.0.6)
    ransack (1.8.2)
      actionpack (>= 3.0)
      activerecord (>= 3.0)
      activesupport (>= 3.0)
      i18n
      polyamorous (~> 1.3)
    rb-fsevent (0.11.1)
    rb-inotify (0.10.1)
      ffi (~> 1.0)
    redis (4.6.0)
    redis-actionpack (5.1.0)
      actionpack (>= 4.0, < 7)
      redis-rack (>= 1, < 3)
      redis-store (>= 1.1.0, < 2)
    redis-activesupport (5.3.0)
      activesupport (>= 3, < 8)
      redis-store (>= 1.3, < 2)
    redis-objects (0.9.1)
      redis (>= 3.0.2)
    redis-rack (2.0.6)
      rack (>= 1.5, < 3)
      redis-store (>= 1.2, < 2)
    redis-rails (5.0.2)
      redis-actionpack (>= 5.0, < 6)
      redis-activesupport (>= 5.0, < 6)
      redis-store (>= 1.2, < 2)
    redis-store (1.9.1)
      redis (>= 4, < 5)
    reek (5.6.0)
      codeclimate-engine-rb (~> 0.4.0)
      kwalify (~> 0.7.0)
      parser (>= 2.5.0.0, < 2.8, != 2.5.1.1)
      psych (~> 3.1.0)
      rainbow (>= 2.0, < 4.0)
    regexp_parser (2.2.1)
    request_store (1.5.1)
      rack (>= 1.4)
    responders (2.4.1)
      actionpack (>= 4.2.0, < 6.0)
      railties (>= 4.2.0, < 6.0)
    rest-client (2.0.2)
      http-cookie (>= 1.0.2, < 2.0)
      mime-types (>= 1.16, < 4.0)
      netrc (~> 0.8)
    rexml (3.2.5)
    rollbar (2.27.1)
    roo (2.8.3)
      nokogiri (~> 1)
      rubyzip (>= 1.3.0, < 3.0.0)
    rubocop (0.93.1)
      parallel (~> 1.10)
      parser (>= 2.7.1.5)
      rainbow (>= 2.2.2, < 4.0)
      regexp_parser (>= 1.8)
      rexml
      rubocop-ast (>= 0.6.0)
      ruby-progressbar (~> 1.7)
      unicode-display_width (>= 1.4.0, < 2.0)
    rubocop-ast (1.4.1)
      parser (>= 2.7.1.5)
    ruby-progressbar (1.11.0)
    ruby2_keywords (0.0.5)
    rubyzip (1.3.0)
    sass (3.4.25)
    sass-rails (5.0.7)
      railties (>= 4.0.0, < 6)
      sass (~> 3.1)
      sprockets (>= 2.8, < 4.0)
      sprockets-rails (>= 2.0, < 4.0)
      tilt (>= 1.1, < 3)
    selenium-webdriver (3.142.7)
      childprocess (>= 0.5, < 4.0)
      rubyzip (>= 1.2.2)
    shellany (0.0.1)
    sidekiq (5.2.8)
      connection_pool (~> 2.2, >= 2.2.2)
      rack (< 2.1.0)
      rack-protection (>= 1.5.0)
      redis (>= 3.3.5, < 5)
    sidekiq-cron (1.2.0)
      fugit (~> 1.1)
      sidekiq (>= 4.2.1)
    sidekiq-failures (1.0.1)
      sidekiq (>= 4.0.0)
    sidekiq-pro (5.0.0)
      concurrent-ruby (>= 1.0.5)
      sidekiq (>= 5.2.7)
    sidekiq-unique-jobs (7.1.16)
      brpoplpush-redis_script (> 0.1.1, <= 2.0.0)
      concurrent-ruby (~> 1.0, >= 1.0.5)
      sidekiq (>= 5.0, < 8.0)
      thor (>= 0.20, < 3.0)
    simplecov (0.21.2)
      docile (~> 1.1)
      simplecov-html (~> 0.11)
      simplecov_json_formatter (~> 0.1)
    simplecov-html (0.12.3)
    simplecov_json_formatter (0.1.4)
    spring (2.1.1)
    sprockets (3.7.2)
      concurrent-ruby (~> 1.0)
      rack (> 1, < 3)
    sprockets-rails (3.2.2)
      actionpack (>= 4.0)
      activesupport (>= 4.0)
      sprockets (>= 3.0.0)
    syslog-logger (1.6.8)
    thor (1.2.1)
    thread_safe (0.3.6)
    tilt (2.0.10)
    truncate_html (0.9.3)
    ttfunk (1.7.0)
    turbolinks (5.0.1)
      turbolinks-source (~> 5)
    turbolinks-source (5.2.0)
    tzinfo (1.2.9)
      thread_safe (~> 0.1)
    uglifier (4.2.0)
      execjs (>= 0.3.0, < 3)
    unf (0.1.4)
      unf_ext
    unf_ext (0.0.8.1)
    unicode-display_width (1.8.0)
    vcr (4.0.0)
    webmock (2.3.2)
      addressable (>= 2.3.6)
      crack (>= 0.3.2)
      hashdiff
    webrick (1.7.0)
    xpath (3.2.0)
      nokogiri (~> 1.8)
    yard (0.9.27)
      webrick (~> 1.7.0)

PLATFORMS
  ruby

DEPENDENCIES
  activeadmin (~> 1.0.0)
  acts_as_list (~> 0.9)
  amazing_print
  awesome_print
  axlsx (~> 3.0.0.pre)
  better_errors
  binding_of_caller
  bundler-audit (~> 0.5)
  capybara-screenshot
  chosen-rails (~> 1.5.2)
  ckeditor_rails (~> 4.6)
  coffee-rails (~> 4.1.0)
  coffeelint (~> 1.16)
  compass-rails (~> 3.0)
  countries (~> 1.2.5)
  database_cleaner (~> 1.5)
  ddtrace
  docusign_rest (~> 0.4.4)
  dogstatsd-ruby
  dotenv-rails (~> 2.5.0)
  factory_girl (~> 4.7)
  faker (~> 1.6)
  good_migrations (~> 0.0.2)
  guard (~> 2.14)
  guard-minitest (~> 2.4)
  intl-tel-input-rails (~> 8.4.9)
  jquery-rails (~> 4.2)
  jquery-ui-rails (~> 5.0)
  letter_opener (~> 1.7.0)
  lograge
  m (~> 1.5.0)
  minitest (~> 5.10.2)
  minitest-around (~> 0.4)
  minitest-rails-capybara (~> 2.1)
  minitest-reporters (~> 1.1)
  mocha (~> 1.7.0)
  money-rails (~> 1.7)
  newrelic_rpm (~> 4.0)
  nokogiri (~> 1.10.3)
  oj (>= 2.18)
  ougai (~> 1.7)
  paper_trail (~> 5.2.2)
  pg (~> 0.19.0)
  phone (~> 1.2.3)
  prawn (~> 2.2)
  prawn-table (~> 0.2)
  pry-byebug (~> 3.6.0)
  pry-rails (~> 0.3.5)
  puma (~> 3.0)
  pundit (~> 1.1.0)
  rack-cas (~> 0.15.0)
  rack_session_access (~> 0.1)
  rails (~> 4.2.11)
  ransack (~> 1.8.2)
  redis-objects (~> 0.6)
  redis-rails (~> 5.0)
  reek (~> 5.2)
  rest-client (~> 2.0.0)
  rollbar (~> 2.18)
  roo (~> 2.7)
  rubocop (~> 0.60)
  sass-rails (~> 5.0)
  selenium-webdriver (~> 3.2)
  sidekiq-cron (~> 1.1)
  sidekiq-failures
  sidekiq-pro!
  sidekiq-unique-jobs
  simplecov (~> 0.15)
  spring (~> 2.1)
  syslog-logger (~> 1.6.8)
  truncate_html (~> 0.9.3)
  turbolinks (~> 5.0.1)
  uglifier (>= 1.3.0)
  vcr (~> 4.0.0)
  webmock (~> 2.1)
  yard (~> 0.9.5)

BUNDLED WITH
   1.17.3
